PATH
  remote: .
  specs:
    chained_job (0.8.1)

GEM
  remote: https://rubygems.org/
  specs:
    minitest (5.15.0)
    mock_redis (0.30.0)
      ruby2_keywords
    rake (12.3.3)
    ruby2_keywords (0.0.5)

PLATFORMS
  ruby

DEPENDENCIES
  bundler
  chained_job!
  minitest (~> 5.0)
  mock_redis
  rake (~> 12.0)

BUNDLED WITH
   2.2.33
