PATH
  remote: .
  specs:
    chained_job (0.1.2)

GEM
  remote: https://rubygems.org/
  specs:
    ast (2.4.0)
    jaro_winkler (1.5.4)
    minitest (5.14.0)
    mock_redis (0.22.0)
    parallel (1.19.1)
    parser (2.7.0.2)
      ast (~> 2.4.0)
    rainbow (3.0.0)
    rake (12.3.3)
    rubocop (0.78.0)
      jaro_winkler (~> 1.5.1)
      parallel (~> 1.10)
      parser (>= 2.6)
      rainbow (>= 2.2.2, < 4.0)
      ruby-progressbar (~> 1.7)
      unicode-display_width (>= 1.4.0, < 1.7)
    rubocop-rspec (1.37.1)
      rubocop (>= 0.68.1)
    rubocop-vinted (0.3.0)
      rubocop (~> 0.78.0)
      rubocop-rspec (~> 1.37.0)
    ruby-progressbar (1.10.1)
    unicode-display_width (1.6.1)

PLATFORMS
  ruby

DEPENDENCIES
  bundler (~> 1.17)
  chained_job!
  minitest (~> 5.0)
  mock_redis
  rake (~> 12.0)
  rubocop-vinted (~> 0.3)

BUNDLED WITH
   1.17.3
